GEM
  remote: https://rubygems.org/
  specs:
    apiaryio (0.3.0)
      json (~> 1.8.1)
      rack (>= 1.4.0, < 1.6.0)
      rake (~> 10.3.2)
      rest-client (~> 1.7.3)
      thor (~> 0.19.1)
    json (1.8.3)
    mime-types (2.6.1)
    netrc (0.10.3)
    rack (1.5.5)
    rake (10.3.2)
    rest-client (1.7.3)
      mime-types (>= 1.16, < 3.0)
      netrc (~> 0.7)
    thor (0.19.1)

PLATFORMS
  ruby

DEPENDENCIES
  apiaryio

BUNDLED WITH
   1.10.5
